GEM
  remote: https://rubygems.org/
  specs:
    agent_client (1.2797.0)
      httpclient (= 2.4.0)
      yajl-ruby (~> 1.2.0)
    aws-sdk (1.44.0)
      json (~> 1.4)
      nokogiri (>= 1.4.4)
    blobstore_client (1.2797.0)
      aws-sdk (= 1.44.0)
      bosh_common (~> 1.2797.0)
      fog (~> 1.23.0)
      httpclient (= 2.4.0)
      multi_json (~> 1.1)
      ruby-atmos-pure (~> 1.0.5)
    bosh-bootstrap (0.15.0)
      bosh_cli_plugin_micro
      cyoi (~> 0.11)
      fog (~> 1.11)
      httpclient (= 2.4.0)
      rbvmomi
      readwritesettings (~> 3.0)
      redcard
      thor (~> 0.18)
    bosh-director-core (1.2797.0)
      bosh-template (~> 1.2797.0)
      bosh_common (~> 1.2797.0)
    bosh-registry (1.2797.0)
      aws-sdk (= 1.44.0)
      fog (~> 1.23.0)
      sequel (~> 3.43.0)
      sinatra (~> 1.4.2)
      thin (~> 1.5.0)
      yajl-ruby (~> 1.2.0)
    bosh-stemcell (1.2797.0)
      bosh_aws_cpi (~> 1.2797.0)
    bosh-template (1.2797.0)
      semi_semantic (~> 1.1.0)
    bosh_aws_cpi (1.2797.0)
      aws-sdk (= 1.44.0)
      bosh-registry (~> 1.2797.0)
      bosh_common (~> 1.2797.0)
      bosh_cpi (~> 1.2797.0)
      httpclient (= 2.4.0)
      yajl-ruby (>= 0.8.2)
    bosh_cli (1.2797.0)
      blobstore_client (~> 1.2797.0)
      bosh-template (~> 1.2797.0)
      bosh_common (~> 1.2797.0)
      highline (~> 1.6.2)
      httpclient (= 2.4.0)
      json_pure (~> 1.7)
      minitar (~> 0.5.4)
      net-scp (~> 1.1.0)
      net-ssh (>= 2.2.1)
      net-ssh-gateway (~> 1.2.0)
      netaddr (~> 1.5.0)
      progressbar (~> 0.9.0)
      terminal-table (~> 1.4.3)
    bosh_cli_plugin_micro (1.2797.0)
      agent_client (~> 1.2797.0)
      blobstore_client (~> 1.2797.0)
      bosh-director-core (~> 1.2797.0)
      bosh-registry (~> 1.2797.0)
      bosh-stemcell (~> 1.2797.0)
      bosh_aws_cpi (~> 1.2797.0)
      bosh_cli (~> 1.2797.0)
      bosh_cpi (~> 1.2797.0)
      bosh_openstack_cpi (~> 1.2797.0)
      bosh_vcloud_cpi (= 0.7.2)
      bosh_vsphere_cpi (~> 1.2797.0)
      mono_logger (~> 1.1.0)
      sqlite3 (~> 1.3.7)
    bosh_common (1.2797.0)
      logging (~> 1.8.2)
      semi_semantic (~> 1.1.0)
    bosh_cpi (1.2797.0)
      bosh_common (~> 1.2797.0)
      logging (~> 1.8.2)
      membrane (~> 1.1.0)
    bosh_openstack_cpi (1.2797.0)
      bosh-registry (~> 1.2797.0)
      bosh_common (~> 1.2797.0)
      bosh_cpi (~> 1.2797.0)
      fog (~> 1.23.0)
      httpclient (= 2.4.0)
      membrane (~> 1.1.0)
      yajl-ruby (>= 0.8.2)
    bosh_vcloud_cpi (0.7.2)
      bosh_common
      bosh_cpi
      builder (~> 3.1.4)
      httpclient (~> 2.4.0)
      membrane
      nokogiri (~> 1.5.6)
      rest-client (~> 1.6.7)
      yajl-ruby (>= 0.8.2)
    bosh_vsphere_cpi (1.2797.0)
      bosh_common (~> 1.2797.0)
      bosh_cpi (~> 1.2797.0)
      builder (~> 3.1.4)
      httpclient (= 2.4.0)
      membrane (~> 1.1.0)
      mysql2 (~> 0.3.11)
      nokogiri (~> 1.5.10)
      pg (~> 0.15.1)
      sequel (~> 3.43.0)
    builder (3.1.4)
    cyoi (0.11.2)
      fog
      highline (~> 1.6)
      readwritesettings (~> 3.0)
    daemons (1.1.9)
    eventmachine (1.0.3)
    excon (0.42.1)
    fog (1.23.0)
      fog-brightbox
      fog-core (~> 1.23)
      fog-json
      fog-softlayer
      ipaddress (~> 0.5)
      nokogiri (~> 1.5, >= 1.5.11)
    fog-brightbox (0.7.1)
      fog-core (~> 1.22)
      fog-json
      inflecto (~> 0.0.2)
    fog-core (1.27.2)
      builder
      excon (~> 0.38)
      formatador (~> 0.2)
      mime-types
      net-scp (~> 1.1)
      net-ssh (>= 2.1.3)
    fog-json (1.0.0)
      multi_json (~> 1.0)
    fog-softlayer (0.3.26)
      fog-core
      fog-json
    formatador (0.2.5)
    highline (1.6.21)
    httpclient (2.4.0)
    inflecto (0.0.2)
    ipaddress (0.8.0)
    json (1.8.1)
    json_pure (1.8.1)
    little-plugger (1.1.3)
    log4r (1.1.10)
    logging (1.8.2)
      little-plugger (>= 1.1.3)
      multi_json (>= 1.8.4)
    membrane (1.1.0)
    mime-types (2.4.3)
    minitar (0.5.4)
    mono_logger (1.1.0)
    multi_json (1.10.1)
    mysql2 (0.3.17)
    net-scp (1.1.2)
      net-ssh (>= 2.6.5)
    net-ssh (2.9.1)
    net-ssh-gateway (1.2.0)
      net-ssh (>= 2.6.5)
    netaddr (1.5.0)
    nokogiri (1.5.11)
    pg (0.15.1)
    progressbar (0.9.2)
    rack (1.6.0)
    rack-protection (1.5.3)
      rack
    rake (10.4.2)
    rbvmomi (1.8.2)
      builder
      nokogiri (>= 1.4.1)
      trollop
    readwritesettings (3.0.1)
    redcard (1.1.0)
    rest-client (1.6.7)
      mime-types (>= 1.16)
    ruby-atmos-pure (1.0.5)
      log4r (>= 1.1.9)
      ruby-hmac (>= 0.4.0)
    ruby-hmac (0.4.0)
    semi_semantic (1.1.0)
    sequel (3.43.0)
    sinatra (1.4.5)
      rack (~> 1.4)
      rack-protection (~> 1.4)
      tilt (~> 1.3, >= 1.3.4)
    sqlite3 (1.3.9)
    terminal-table (1.4.5)
    thin (1.5.1)
      daemons (>= 1.0.9)
      eventmachine (>= 0.12.6)
      rack (>= 1.0.0)
    thor (0.19.1)
    tilt (1.4.1)
    traveling_bosh_cli_plugin (1.0.0)
    trollop (2.0)
    yajl-ruby (1.2.1)

PLATFORMS
  ruby

DEPENDENCIES
  bosh-bootstrap
  rake
  sqlite3 (= 1.3.9)
  traveling_bosh_cli_plugin
  yajl-ruby (= 1.2.1)
